GEM
  remote: http://rubygems.org/
  remote: http://rubygems.org/
  specs:
    atk (1.2.6-x86-mingw32)
      glib2 (>= 1.2.6)
    cairo (1.12.4-x86-mingw32)
      pkg-config
    gdk_pixbuf2 (1.2.6-x86-mingw32)
      glib2 (>= 1.2.6)
    glib2 (1.2.6-x86-mingw32)
      pkg-config
    gtk2 (1.2.6-x86-mingw32)
      atk (>= 1.2.6)
      gdk_pixbuf2 (>= 1.2.6)
      pango (>= 1.2.6)
    pango (1.2.6-x86-mingw32)
      cairo (>= 1.10.0)
      glib2 (>= 1.2.6)
    pkg-config (1.1.4)
    sqlite3 (1.3.7-x86-mingw32)

PLATFORMS
  x86-mingw32

DEPENDENCIES
  gtk2
  sqlite3
