GEM
  remote: http://rubygems.org/
  remote: http://rubygems.org/
  specs:
    qtbindings (4.8.3.0-x86-mingw32)
    sqlite3 (1.3.7-x86-mingw32)

PLATFORMS
  x86-mingw32

DEPENDENCIES
  qtbindings
  sqlite3
