GEM
  remote: http://rubygems.org/
  remote: http://rubygems.org/
  remote: http://rubygems.org/
  remote: http://gems.rubyforge.org/
  remote: http://rubygems.org/
  remote: http://gemcutter.org/
  specs:
    atk (1.2.5-x86-mingw32)
      glib2 (>= 1.2.5)
    cairo (1.12.4-x86-mingw32)
      pkg-config
    gdk_pixbuf2 (1.2.5-x86-mingw32)
      glib2 (>= 1.2.5)
    glib2 (1.2.5-x86-mingw32)
      pkg-config
    gtk2 (1.2.5-x86-mingw32)
      atk (>= 1.2.5)
      gdk_pixbuf2 (>= 1.2.5)
      pango (>= 1.2.5)
    pango (1.2.5-x86-mingw32)
      cairo (>= 1.10.0)
      glib2 (>= 1.2.5)
    pkg-config (1.1.4)

PLATFORMS
  x86-mingw32

DEPENDENCIES
  gtk2
